GEM
  remote: https://rubygems.org/
  specs:
    activesupport (4.2.6)
      i18n (~> 0.7)
      json (~> 1.7, >= 1.7.7)
      minitest (~> 5.1)
      thread_safe (~> 0.3, >= 0.3.4)
      tzinfo (~> 1.1)
    addressable (2.4.0)
    backports (3.6.8)
    coderay (1.1.1)
    dalli (2.7.6)
    faraday (0.9.2)
      multipart-post (>= 1.2, < 3)
    ffi (1.9.10)
    hashie (3.4.4)
    highline (1.7.8)
    i18n (0.7.0)
    json (1.8.3)
    jwt (1.5.1)
    launchy (2.4.3)
      addressable (~> 2.3)
    memcachier (0.0.2)
    method_source (0.8.2)
    minitest (5.8.4)
    multi_json (1.11.3)
    multi_xml (0.5.5)
    multipart-post (2.0.0)
    oauth2 (1.1.0)
      faraday (>= 0.8, < 0.10)
      jwt (~> 1.0, < 1.5.2)
      multi_json (~> 1.3)
      multi_xml (~> 0.5)
      rack (>= 1.2, < 3)
    omniauth (1.3.1)
      hashie (>= 1.2, < 4)
      rack (>= 1.0, < 3)
    omniauth-oauth2 (1.4.0)
      oauth2 (~> 1.0)
      omniauth (~> 1.2)
    pry (0.10.3)
      coderay (~> 1.1.0)
      method_source (~> 0.8.1)
      slop (~> 3.4)
    rack (1.6.4)
    rack-protection (1.5.3)
      rack
    rack-test (0.6.3)
      rack (>= 1.0)
    sinatra (1.4.7)
      rack (~> 1.5)
      rack-protection (~> 1.4)
      tilt (>= 1.3, < 3)
    sinatra-contrib (1.4.7)
      backports (>= 2.0)
      multi_json
      rack-protection
      rack-test
      sinatra (~> 1.4.0)
      tilt (>= 1.3, < 3)
    sinatra-cross_origin (0.3.2)
    slop (3.6.0)
    soda-ruby (0.2.21)
      hashie (~> 3.4.2)
      multipart-post (~> 2.0.0)
      sys-uname (~> 1.0.2)
    sys-uname (1.0.2)
      ffi (>= 1.0.0)
    thread_safe (0.3.5)
    tilt (2.0.2)
    trollop (2.1.2)
    tzinfo (1.2.2)
      thread_safe (~> 0.1)

PLATFORMS
  ruby

DEPENDENCIES
  activesupport
  addressable
  dalli
  highline
  launchy
  memcachier
  omniauth-oauth2 (~> 1.2)
  pry
  sinatra (~> 1.4)
  sinatra-contrib
  sinatra-cross_origin (~> 0.3.1)
  soda-ruby (~> 0.2.21)
  trollop

BUNDLED WITH
   1.11.2
