GEM
  remote: https://rubygems.org/
  specs:
    addressable (2.3.8)
    dalli (2.7.4)
    faraday (0.9.1)
      multipart-post (>= 1.2, < 3)
    hashie (1.2.0)
    highline (1.7.2)
    jwt (1.5.0)
    launchy (2.4.3)
      addressable (~> 2.3)
    memcachier (0.0.2)
    multi_json (1.11.1)
    multi_xml (0.5.5)
    multipart-post (1.2.0)
    oauth2 (1.0.0)
      faraday (>= 0.8, < 0.10)
      jwt (~> 1.0)
      multi_json (~> 1.3)
      multi_xml (~> 0.5)
      rack (~> 1.2)
    omniauth (1.2.2)
      hashie (>= 1.2, < 4)
      rack (~> 1.0)
    omniauth-oauth2 (1.3.0)
      oauth2 (~> 1.0)
      omniauth (~> 1.2)
    rack (1.6.2)
    rack-protection (1.5.3)
      rack
    sinatra (1.4.6)
      rack (~> 1.4)
      rack-protection (~> 1.4)
      tilt (>= 1.3, < 3)
    soda-ruby (0.3)
      hashie (~> 1.2)
      multipart-post (~> 1.2)
      omniauth-oauth2 (~> 1.2)
    tilt (2.0.1)
    trollop (2.1.2)

PLATFORMS
  ruby

DEPENDENCIES
  addressable
  dalli
  highline
  launchy
  memcachier
  omniauth-oauth2 (~> 1.2)
  sinatra (~> 1.4)
  soda-ruby (~> 0.3)
  trollop

BUNDLED WITH
   1.10.4
